GIT
  remote: git://github.com/david/active_model_serializers.git
  revision: ce12aecac216aa3fe8b097b698f699faf61e81fa
  specs:
    active_model_serializers (0.1.0)
      activemodel (~> 3.0)

GIT
  remote: git://github.com/david/redis-objects.git
  revision: 98d6af9e4a3ac727e22e2b64f55ae28812ec1971
  specs:
    redis-objects (0.5.2)
      redis (>= 2.1.1)

GIT
  remote: git://github.com/railsware/clicktale-client.git
  revision: 198a0cb646ea42be2cd8fd20c7fcfcf0bd5d4de8
  specs:
    astrails-clicktale (0.0.1)

GEM
  remote: http://rubygems.org/
  specs:
    POpen4 (0.1.4)
      Platform (>= 0.4.0)
      open4
    Platform (0.4.0)
    aaronh-chronic (0.3.9)
    actionmailer (3.2.1)
      actionpack (= 3.2.1)
      mail (~> 2.4.0)
    actionpack (3.2.1)
      activemodel (= 3.2.1)
      activesupport (= 3.2.1)
      builder (~> 3.0.0)
      erubis (~> 2.7.0)
      journey (~> 1.0.1)
      rack (~> 1.4.0)
      rack-cache (~> 1.1)
      rack-test (~> 0.6.1)
      sprockets (~> 2.1.2)
    activemodel (3.2.1)
      activesupport (= 3.2.1)
      builder (~> 3.0.0)
    activerecord (3.2.1)
      activemodel (= 3.2.1)
      activesupport (= 3.2.1)
      arel (~> 3.0.0)
      tzinfo (~> 0.3.29)
    activeresource (3.2.1)
      activemodel (= 3.2.1)
      activesupport (= 3.2.1)
    activesupport (3.2.1)
      i18n (~> 0.6)
      multi_json (~> 1.0)
    acts-as-taggable-on (2.1.1)
      rails
    addressable (2.2.7)
    arel (3.0.2)
    attr_required (0.0.5)
    awesome_print (0.4.0)
    aws-s3 (0.6.2)
      builder
      mime-types
      xml-simple
    babilu (0.2.2)
      lucy
    bcrypt-ruby (3.0.1)
    bricks (0.6.0)
    builder (3.0.0)
    capybara (1.1.2)
      mime-types (>= 1.16)
      nokogiri (>= 1.3.3)
      rack (>= 1.0.0)
      rack-test (>= 0.5.4)
      selenium-webdriver (~> 2.0)
      xpath (~> 0.1.4)
    childprocess (0.2.3)
      ffi (~> 1.0.6)
    chunky_png (1.2.5)
    cocaine (0.2.0)
    coffee-rails (3.2.2)
      coffee-script (>= 2.2.0)
      railties (~> 3.2.0)
    coffee-script (2.2.0)
      coffee-script-source
      execjs
    coffee-script-source (1.2.0)
    compass (0.12.rc.1)
      chunky_png (~> 1.2)
      fssm (>= 0.2.7)
      sass (~> 3.1)
    compass-rails (1.0.0.rc.3)
      compass (~> 0.12.rc.0)
    crack (0.1.8)
    daemons (1.0.10)
    database_cleaner (0.6.7)
    delayed_job (2.1.4)
      activesupport (~> 3.0)
      daemons
    devise (2.0.4)
      bcrypt-ruby (~> 3.0)
      orm_adapter (~> 0.0.3)
      railties (~> 3.1)
      warden (~> 1.1.1)
    diff-lcs (1.1.3)
    em-websocket (0.3.6)
      addressable (>= 2.1.1)
      eventmachine (>= 0.12.9)
    engineyard (1.4.21)
      engineyard-serverside-adapter (= 1.5.25)
      escape (~> 0.0.4)
      highline (~> 1.6.1)
      json_pure
      launchy (= 2.0.5)
      net-ssh (~> 2.2.1)
      rest-client (~> 1.6.0)
      thor (~> 0.14.6)
    engineyard-serverside-adapter (1.5.25)
      escape (~> 0.0.4)
      json_pure
    erubis (2.7.0)
    escape (0.0.4)
    eventmachine (0.12.10)
    execjs (1.3.0)
      multi_json (~> 1.0)
    faraday (0.7.6)
      addressable (~> 2.2)
      multipart-post (~> 1.1)
      rack (~> 1.1)
    fb_graph (2.4.7)
      httpclient (>= 2.2.0.2)
      rack-oauth2 (>= 0.14.4)
      tzinfo
    ffi (1.0.11)
    formtastic (2.0.0.rc5)
      rails (~> 3.0)
    friendly_id (4.0.0.beta8)
    fssm (0.2.8.1)
    guard (0.10.0)
      ffi (>= 0.5.0)
      thor (~> 0.14.6)
    guard-livereload (0.4.2)
      em-websocket (>= 0.2.0)
      guard (>= 0.10.0)
      multi_json (~> 1.0)
    haml (3.1.4)
    haml_coffee_assets (0.8.2)
      execjs (>= 1.2.9)
      sprockets (>= 2.0.3)
      tilt (>= 1.3.3)
    has_scope (0.5.1)
    hashie (1.2.0)
    highline (1.6.2)
    hike (1.2.1)
    hipchat (0.4.0)
      httparty
    hoptoad_notifier (2.4.11)
      activesupport
      builder
    httparty (0.7.8)
      crack (= 0.1.8)
    httpclient (2.2.4)
    i18n (0.6.0)
    inherited_resources (1.3.0)
      has_scope (~> 0.5.0)
      responders (~> 0.6.0)
    itunes-search-api (0.1.0)
      httparty
    jammit (0.6.3)
      yui-compressor (>= 0.9.3)
    journey (1.0.2)
    jquery-rails (1.0.13)
      railties (~> 3.0)
      thor (~> 0.14)
    js-routes (0.7.5)
      rails (>= 3.0)
    json (1.6.5)
    json_pure (1.6.3)
    kaminari (0.13.0)
      actionpack (>= 3.0.0)
      activesupport (>= 3.0.0)
      railties (>= 3.0.0)
    launchy (2.0.5)
      addressable (~> 2.2.6)
    libnotify (0.7.2)
    lucy (0.2.1)
    mail (2.4.1)
      i18n (>= 0.4.0)
      mime-types (~> 1.16)
      treetop (~> 1.4.8)
    mime-types (1.17.2)
    multi_json (1.1.0)
    multipart-post (1.1.5)
    net-ssh (2.2.2)
    newrelic_rpm (3.3.2)
    nokogiri (1.5.0)
    oauth (0.4.5)
    oauth2 (0.5.2)
      faraday (~> 0.7)
      multi_json (~> 1.0)
    omniauth (1.0.2)
      hashie (~> 1.2)
      rack
    omniauth-facebook (1.2.0)
      omniauth-oauth2 (~> 1.0.0)
    omniauth-oauth (1.0.0)
      oauth
      omniauth (~> 1.0)
    omniauth-oauth2 (1.0.0)
      oauth2 (~> 0.5.0)
      omniauth (~> 1.0)
    omniauth-twitter (0.0.8)
      omniauth-oauth (~> 1.0)
    open4 (1.0.1)
    orm_adapter (0.0.6)
    paperclip (2.4.5)
      activerecord (>= 2.3.0)
      activesupport (>= 2.3.2)
      cocaine (>= 0.0.2)
      mime-types
    paperclip-meta (0.2)
      paperclip
    parallel (0.5.9)
    parallel_tests (0.6.7)
      parallel
    pg (0.11.0)
    polyglot (0.3.3)
    rack (1.4.1)
    rack-cache (1.1)
      rack (>= 0.4)
    rack-livereload (0.3.6)
      rack
    rack-oauth2 (0.14.4)
      activesupport (>= 2.3)
      attr_required (>= 0.0.5)
      httpclient (>= 2.2.0.2)
      i18n
      json (>= 1.4.3)
      rack (>= 1.1)
    rack-ssl (1.3.2)
      rack
    rack-test (0.6.1)
      rack (>= 1.0)
    rails (3.2.1)
      actionmailer (= 3.2.1)
      actionpack (= 3.2.1)
      activerecord (= 3.2.1)
      activeresource (= 3.2.1)
      activesupport (= 3.2.1)
      bundler (~> 1.0)
      railties (= 3.2.1)
    railties (3.2.1)
      actionpack (= 3.2.1)
      activesupport (= 3.2.1)
      rack-ssl (~> 1.3.2)
      rake (>= 0.8.7)
      rdoc (~> 3.4)
      thor (~> 0.14.6)
    rake (0.9.2.2)
    rdoc (3.12)
      json (~> 1.4)
    redis (2.2.2)
    redis-store (1.0.0.1)
      redis (~> 2.2.1)
    responders (0.6.4)
    rest-client (1.6.7)
      mime-types (>= 1.16)
    rr (1.0.3)
    rspec (2.8.0)
      rspec-core (~> 2.8.0)
      rspec-expectations (~> 2.8.0)
      rspec-mocks (~> 2.8.0)
    rspec-core (2.8.0)
    rspec-expectations (2.8.0)
      diff-lcs (~> 1.1.2)
    rspec-instafail (0.1.8)
    rspec-mocks (2.8.0)
    rspec-rails (2.8.1)
      actionpack (>= 3.0)
      activesupport (>= 3.0)
      railties (>= 3.0)
      rspec (~> 2.8.0)
    rubyzip (0.9.5)
    sanitize (2.0.3)
      nokogiri (>= 1.4.4, < 1.6)
    sass (3.1.15)
    sass-rails (3.2.4)
      railties (~> 3.2.0)
      sass (>= 3.1.10)
      tilt (~> 1.3)
    seed-fu (2.2.0)
      activerecord (~> 3.1)
      activesupport (~> 3.1)
    selenium-webdriver (2.15.0)
      childprocess (>= 0.2.1)
      ffi (~> 1.0.9)
      json_pure
      rubyzip
    silent-postgres (0.1.1)
    simple_oauth (0.1.5)
    spork (0.9.0.rc4)
    sprockets (2.1.2)
      hike (~> 1.2)
      rack (~> 1.0)
      tilt (~> 1.1, != 1.3.0)
    sqlite3 (1.3.3)
    sqlite3-ruby (1.3.3)
      sqlite3 (>= 1.3.3)
    taglib-ruby (0.3.0)
    thin (1.2.11)
      daemons (>= 1.0.9)
      eventmachine (>= 0.12.6)
      rack (>= 1.0.0)
    thor (0.14.6)
    tilt (1.3.3)
    timecop (0.3.5)
    treetop (1.4.10)
      polyglot
      polyglot (>= 0.3.1)
    twitter (2.1.0)
      activesupport (>= 2.3.9, < 4)
      faraday (~> 0.7)
      multi_json (~> 1.0)
      simple_oauth (~> 0.1)
    tzinfo (0.3.31)
    uglifier (1.2.3)
      execjs (>= 0.3.0)
      multi_json (>= 1.0.2)
    uglifier-rails (3.2.0.rc2)
      railties (>= 3.2.0.beta)
      uglifier (>= 1.2.0)
    valium (0.5.0)
      activerecord (>= 3.0.2)
    warden (1.1.1)
      rack (>= 1.0)
    webmock (1.7.10)
      addressable (~> 2.2, > 2.2.5)
      crack (>= 0.1.7)
    whenever (0.6.8)
      aaronh-chronic (>= 0.3.9)
      activesupport (>= 2.3.4)
    wirble (0.1.3)
    xml-simple (1.1.0)
    xpath (0.1.4)
      nokogiri (~> 1.3)
    yui-compressor (0.9.6)
      POpen4 (>= 0.1.4)

PLATFORMS
  ruby

DEPENDENCIES
  active_model_serializers!
  acts-as-taggable-on (~> 2.1.0)
  astrails-clicktale!
  awesome_print
  aws-s3
  babilu
  bricks
  capybara (~> 1.0)
  coffee-rails
  compass-rails
  database_cleaner (~> 0.6.0)
  delayed_job
  devise (~> 2.0.0)
  engineyard
  fb_graph
  formtastic (~> 2.0.0.rc1)
  friendly_id (~> 4.0.0.beta8)
  guard
  guard-livereload
  haml (>= 3.0.18)
  haml_coffee_assets
  has_scope
  hipchat (= 0.4.0)
  hoptoad_notifier
  inherited_resources
  itunes-search-api
  jammit (>= 0.5.0)
  jquery-rails
  js-routes
  kaminari
  libnotify
  newrelic_rpm
  nokogiri
  omniauth (~> 1.0.0)
  omniauth-facebook
  omniauth-twitter
  paperclip
  paperclip-meta
  parallel_tests
  pg
  rack-livereload
  rails (~> 3.2.0)
  redis
  redis-objects!
  redis-store
  rr (~> 1.0)
  rspec-instafail
  rspec-rails (>= 2.0.0)
  sanitize
  sass (>= 3.1.7)
  sass-rails
  seed-fu (>= 1.2.3)
  silent-postgres
  spork (~> 0.9.0.rc)
  sqlite3-ruby
  taglib-ruby (>= 0.3.0)
  thin
  timecop
  twitter
  uglifier-rails
  valium
  webmock
  whenever
  wirble
